GEM
  remote: http://rubygems.org/
  specs:
    activesupport (3.2.12)
      i18n (~> 0.6)
      multi_json (~> 1.0)
    capistrano (2.14.2)
      highline
      net-scp (>= 1.0.0)
      net-sftp (>= 2.0.0)
      net-ssh (>= 2.0.14)
      net-ssh-gateway (>= 1.1.0)
    capistrano_colors (0.5.5)
    foreman (0.60.2)
      thor (>= 0.13.6)
    gon-sinatra (0.1.0)
      sinatra
    haml (4.0.0)
      tilt
    highline (1.6.15)
    i18n (0.6.1)
    json (1.7.7)
    kgio (2.8.0)
    multi_json (1.6.1)
    net-scp (1.1.0)
      net-ssh (>= 2.6.5)
    net-sftp (2.1.1)
      net-ssh (>= 2.6.5)
    net-ssh (2.6.5)
    net-ssh-gateway (1.2.0)
      net-ssh (>= 2.6.5)
    pulse-meter (0.4.6)
      gon-sinatra
      haml
      json
      redis
      sinatra
      sinatra-partial
      terminal-table
      thor
    rack (1.5.2)
    rack-protection (1.3.2)
      rack
    raindrops (0.10.0)
    redis (3.0.2)
    sinatra (1.3.4)
      rack (~> 1.4)
      rack-protection (~> 1.3)
      tilt (~> 1.3, >= 1.3.3)
    sinatra-partial (0.4.0)
      sinatra
    terminal-table (1.4.5)
    thor (0.17.0)
    tilt (1.3.3)
    unicorn (4.5.0)
      kgio (~> 2.6)
      rack
      raindrops (~> 0.7)

PLATFORMS
  ruby

DEPENDENCIES
  activesupport
  capistrano
  capistrano_colors
  foreman
  pulse-meter
  unicorn
