PATH
  remote: ../pulse_meter-dygraphs_visualizer
  specs:
    pulse_meter-dygraphs_visualizer (0.4.19)
      gon-sinatra
      haml
      pulse_meter_core
      sinatra
      sinatra-partial

GEM
  remote: https://rubygems.org/
  specs:
    activesupport (4.2.2)
      i18n (~> 0.7)
      json (~> 1.7, >= 1.7.7)
      minitest (~> 5.1)
      thread_safe (~> 0.3, >= 0.3.4)
      tzinfo (~> 1.1)
    foreman (0.78.0)
      thor (~> 0.19.1)
    gon-sinatra (0.1.2)
      sinatra
    haml (4.0.7)
      tilt
    i18n (0.7.0)
    json (1.8.3)
    kgio (2.9.3)
    minitest (5.7.0)
    pulse_meter_cli (0.4.15)
      pulse_meter_core
      terminal-table
      thor
    pulse_meter_core (0.5.5)
      json
      redis
      tzinfo
    rack (1.6.4)
    rack-git-version (0.0.3)
    rack-protection (1.5.3)
      rack
    raindrops (0.13.0)
    redis (3.3.1)
    sinatra (1.4.7)
      rack (~> 1.5)
      rack-protection (~> 1.4)
      tilt (>= 1.3, < 3)
    sinatra-partial (1.0.0)
      sinatra (~> 1.4)
    terminal-table (1.4.5)
    thor (0.19.1)
    thread_safe (0.3.5)
    tilt (2.0.5)
    tzinfo (1.2.2)
      thread_safe (~> 0.1)
    unicorn (4.9.0)
      kgio (~> 2.6)
      rack
      raindrops (~> 0.7)

PLATFORMS
  ruby

DEPENDENCIES
  activesupport
  foreman
  i18n
  pulse_meter-dygraphs_visualizer!
  pulse_meter_cli
  rack-git-version
  unicorn

BUNDLED WITH
   1.11.2
