GIT
  remote: git://github.com/savonarola/pulse-meter.git
  revision: 67968e9c39968a03429a9617db44e27e18868c05
  specs:
    pulse-meter (0.4.12)
      pulse_meter_cli
      pulse_meter_visualizer

GEM
  remote: https://rubygems.org/
  specs:
    activesupport (3.2.12)
      i18n (~> 0.6)
      multi_json (~> 1.0)
    capistrano (2.14.2)
      highline
      net-scp (>= 1.0.0)
      net-sftp (>= 2.0.0)
      net-ssh (>= 2.0.14)
      net-ssh-gateway (>= 1.1.0)
    capistrano_colors (0.5.5)
    foreman (0.60.2)
      thor (>= 0.13.6)
    gon-sinatra (0.1.0)
      sinatra
    haml (4.0.3)
      tilt
    highline (1.6.15)
    i18n (0.6.1)
    json (1.8.0)
    kgio (2.8.0)
    multi_json (1.6.1)
    net-scp (1.1.0)
      net-ssh (>= 2.6.5)
    net-sftp (2.1.1)
      net-ssh (>= 2.6.5)
    net-ssh (2.6.5)
    net-ssh-gateway (1.2.0)
      net-ssh (>= 2.6.5)
    pulse_meter_cli (0.4.12)
      pulse_meter_core
      terminal-table
      thor
    pulse_meter_core (0.4.13)
      json
      redis
    pulse_meter_visualizer (0.4.11)
      gon-sinatra
      haml
      pulse_meter_core
      sinatra
      sinatra-partial
    rack (1.5.2)
    rack-git-version (0.0.3)
    rack-protection (1.5.0)
      rack
    raindrops (0.10.0)
    redis (3.0.4)
    sinatra (1.4.3)
      rack (~> 1.4)
      rack-protection (~> 1.4)
      tilt (~> 1.3, >= 1.3.4)
    sinatra-partial (0.4.0)
      sinatra
    terminal-table (1.4.5)
    thor (0.18.1)
    tilt (1.4.1)
    unicorn (4.5.0)
      kgio (~> 2.6)
      rack
      raindrops (~> 0.7)

PLATFORMS
  ruby

DEPENDENCIES
  activesupport
  capistrano
  capistrano_colors
  foreman
  i18n
  pulse-meter!
  rack-git-version
  unicorn
